GEM
  remote: http://rubygems.org/
  specs:
    bson (1.7.0)
    bson_ext (1.7.0)
      bson (~> 1.7.0)
    dalli (2.2.1)
    json_pure (1.7.5)
    koda (0.0.1)
      bson_ext
      dalli
      mongo
      rack-methodoverride-with-params
      rest-client
      shared-mime-info
      sinatra
      sinatra-jsonp
    mime-types (1.19)
    mongo (1.7.0)
      bson (~> 1.7.0)
    rack (1.4.1)
    rack-methodoverride-with-params (1.0.0)
      rack (~> 1)
    rack-protection (1.2.0)
      rack
    rest-client (1.6.7)
      mime-types (>= 1.16)
    shared-mime-info (0.1)
    sinatra (1.3.3)
      rack (~> 1.3, >= 1.3.6)
      rack-protection (~> 1.2)
      tilt (~> 1.3, >= 1.3.3)
    sinatra-jsonp (0.3.2)
      json_pure (~> 1.4)
      sinatra (~> 1.0)
    tilt (1.3.3)

PLATFORMS
  ruby

DEPENDENCIES
  koda
